PATH
  remote: .
  specs:
    validates_timeliness-mongoid (5.0.1)
      mongoid (~> 7.1, < 8)
      validates_timeliness (~> 6.0)

GEM
  remote: https://rubygems.org/
  specs:
    activemodel (6.1.7.8)
      activesupport (= 6.1.7.8)
    activesupport (6.1.7.8)
      concurrent-ruby (~> 1.0, >= 1.0.2)
      i18n (>= 1.6, < 2)
      minitest (>= 5.1)
      tzinfo (~> 2.0)
      zeitwerk (~> 2.3)
    ast (2.4.2)
    bson (5.0.1)
    byebug (11.1.3)
    coderay (1.1.3)
    concurrent-ruby (1.3.3)
    diff-lcs (1.5.1)
    docile (1.4.0)
    faker (2.23.0)
      i18n (>= 1.8.11, < 2)
    i18n (1.14.5)
      concurrent-ruby (~> 1.0)
    kwalify (0.7.2)
    method_source (1.1.0)
    minitest (5.24.1)
    mongo (2.20.1)
      bson (>= 4.14.1, < 6.0.0)
    mongoid (7.5.4)
      activemodel (>= 5.1, < 7.1, != 7.0.0)
      mongo (>= 2.10.5, < 3.0.0)
      ruby2_keywords (~> 0.0.5)
    parallel (1.25.1)
    parser (3.0.3.2)
      ast (~> 2.4.1)
    pry (0.14.2)
      coderay (~> 1.1)
      method_source (~> 1.0)
    pry-byebug (3.10.1)
      byebug (~> 11.0)
      pry (>= 0.13, < 0.15)
    rainbow (3.1.1)
    rake (13.2.1)
    reek (6.0.6)
      kwalify (~> 0.7.0)
      parser (~> 3.0.0)
      rainbow (>= 2.0, < 4.0)
    regexp_parser (2.9.2)
    rexml (3.3.2)
      strscan
    rspec (3.13.0)
      rspec-core (~> 3.13.0)
      rspec-expectations (~> 3.13.0)
      rspec-mocks (~> 3.13.0)
    rspec-core (3.13.0)
      rspec-support (~> 3.13.0)
    rspec-expectations (3.13.1)
      diff-lcs (>= 1.2.0, < 2.0)
      rspec-support (~> 3.13.0)
    rspec-mocks (3.13.1)
      diff-lcs (>= 1.2.0, < 2.0)
      rspec-support (~> 3.13.0)
    rspec-support (3.13.1)
    rubocop (1.13.0)
      parallel (~> 1.10)
      parser (>= 3.0.0.0)
      rainbow (>= 2.2.2, < 4.0)
      regexp_parser (>= 1.8, < 3.0)
      rexml
      rubocop-ast (>= 1.2.0, < 2.0)
      ruby-progressbar (~> 1.7)
      unicode-display_width (>= 1.4.0, < 3.0)
    rubocop-ast (1.15.2)
      parser (>= 3.0.1.1)
    rubocop-faker (1.1.0)
      faker (>= 2.12.0)
      rubocop (>= 0.82.0)
    rubocop-performance (1.19.1)
      rubocop (>= 1.7.0, < 2.0)
      rubocop-ast (>= 0.4.0)
    rubocop-rspec (2.4.0)
      rubocop (~> 1.0)
      rubocop-ast (>= 1.1.0)
    ruby-progressbar (1.13.0)
    ruby2_keywords (0.0.5)
    simplecov (0.21.2)
      docile (~> 1.1)
      simplecov-html (~> 0.11)
      simplecov_json_formatter (~> 0.1)
    simplecov-html (0.12.3)
    simplecov_json_formatter (0.1.4)
    strscan (3.1.0)
    timeliness (0.4.5)
    tzinfo (2.0.6)
      concurrent-ruby (~> 1.0)
    unicode-display_width (2.5.0)
    validates_timeliness (6.0.1)
      activemodel (>= 6.0.0, < 7)
      timeliness (>= 0.3.10, < 1)
    zeitwerk (2.6.16)

PLATFORMS
  x86_64-linux

DEPENDENCIES
  bundler (~> 2.5, <= 2.5.15)
  faker (~> 2.17)
  pry-byebug (~> 3.9)
  rake (~> 13.0, >= 13.0.3)
  reek (~> 6.0.4)
  rspec (~> 3.10)
  rubocop (~> 1.13.0)
  rubocop-faker (~> 1.1)
  rubocop-performance (~> 1.11, >= 1.11.1)
  rubocop-rspec (~> 2.3)
  simplecov (~> 0.21.2)
  simplecov_json_formatter (~> 0.1.3)
  validates_timeliness-mongoid!

BUNDLED WITH
   2.5.15
